GEM
  remote: https://rubygems.org/
  specs:
    activemodel (4.1.4)
      activesupport (= 4.1.4)
      builder (~> 3.1)
    activesupport (4.1.4)
      i18n (~> 0.6, >= 0.6.9)
      json (~> 1.7, >= 1.7.7)
      minitest (~> 5.1)
      thread_safe (~> 0.1)
      tzinfo (~> 1.1)
    builder (3.2.2)
    coffee-script (2.3.0)
      coffee-script-source
      execjs
    coffee-script-source (1.7.1)
    diff-lcs (1.2.5)
    execjs (2.2.1)
    haml (4.0.5)
      tilt
    i18n (0.6.11)
    json (1.8.6)
    minitest (5.4.0)
    net-ldap (0.6.1)
    rack (1.5.2)
    rack-protection (1.5.3)
      rack
    rspec-core (3.0.2)
      rspec-support (~> 3.0.0)
    rspec-expectations (3.0.2)
      diff-lcs (>= 1.2.0, < 2.0)
      rspec-support (~> 3.0.0)
    rspec-mocks (3.0.2)
      rspec-support (~> 3.0.0)
    rspec-support (3.0.2)
    sinatra (1.4.5)
      rack (~> 1.4)
      rack-protection (~> 1.4)
      tilt (~> 1.3, >= 1.3.4)
    strong_password (0.0.4)
    thread_safe (0.3.4)
    tilt (1.4.1)
    tzinfo (1.2.1)
      thread_safe (~> 0.1)
    yubikey (1.4.1)

PLATFORMS
  ruby

DEPENDENCIES
  activemodel (~> 4.1.4)
  coffee-script (~> 2.3.0)
  haml (~> 4.0.5)
  net-ldap (~> 0.6.1)
  rspec-core
  rspec-expectations
  rspec-mocks
  sinatra (~> 1.4.5)
  strong_password (~> 0.0.4)
  yubikey (~> 1.4.1)
